STORAGE: NONE
RESTRICTION: == net6.0
NUGET
  remote: https://api.nuget.org/v3/index.json
    Argu (6.1.1)
      FSharp.Core (>= 4.3.2)
      System.Configuration.ConfigurationManager (>= 4.4)
    Ben.Demystifier (0.4.1)
      System.Reflection.Metadata (>= 5.0)
    Fable.AST (3.1.1)
    Fable.Browser.Blob (1.1.4)
      Fable.Core (>= 3.0)
      FSharp.Core (>= 4.7.2)
    Fable.Browser.Dom (2.6)
      Fable.Browser.Blob (>= 1.1.4)
      Fable.Browser.Event (>= 1.4.5)
      Fable.Browser.WebStorage (>= 1.0.4)
      Fable.Core (>= 3.0)
      FSharp.Core (>= 4.7.2)
    Fable.Browser.Event (1.4.6)
      Fable.Browser.Gamepad (>= 1.0.3)
      Fable.Core (>= 3.0)
      FSharp.Core (>= 4.7.2)
    Fable.Browser.Gamepad (1.0.3)
      Fable.Core (>= 3.0)
      FSharp.Core (>= 4.7.2)
    Fable.Browser.Geolocation (1.0.4)
      Fable.Core (>= 3.0)
      FSharp.Core (>= 4.7.2)
    Fable.Browser.MediaQueryList (1.2)
      Fable.Browser.Dom (>= 2.6)
      Fable.Browser.Event (>= 1.4.5)
      Fable.Core (>= 3.0)
      FSharp.Core (>= 4.7.2)
    Fable.Browser.MediaStream (3.1)
      Fable.Browser.Dom (>= 2.4.4)
      Fable.Browser.Event (>= 1.4.5)
      Fable.Core (>= 3.0)
      FSharp.Core (>= 4.7.2)
    Fable.Browser.Navigator (1.3.4)
      Fable.Browser.Gamepad (>= 1.0.3)
      Fable.Browser.Geolocation (>= 1.0.4)
      Fable.Browser.MediaStream (>= 3.0.3)
      Fable.Browser.Worker (>= 1.0.5)
      Fable.Core (>= 3.1.5)
      FSharp.Core (>= 4.7.2)
    Fable.Browser.Url (1.0.3)
      Fable.Core (>= 3.0)
      FSharp.Core (>= 4.7.2)
    Fable.Browser.WebStorage (1.0.4)
      Fable.Browser.Event (>= 1.4.4)
      Fable.Core (>= 3.0)
      FSharp.Core (>= 4.7.2)
    Fable.Browser.Worker (1.0.5)
      Fable.Browser.Event (>= 1.4.4)
      Fable.Core (>= 3.0)
      FSharp.Core (>= 4.7.2)
    Fable.Browser.XMLHttpRequest (1.1.6)
      Fable.Browser.Blob (>= 1.1.4)
      Fable.Browser.Event (>= 1.4.4)
      Fable.Core (>= 3.0)
      FSharp.Core (>= 4.7.2)
    Fable.Core (3.4)
      FSharp.Core (>= 4.7.2)
    Fable.DateFunctions (3.7)
      Fable.Core (>= 3.1.6)
      FSharp.Core (>= 4.7.2)
    Fable.Elmish (3.1)
      Fable.Core (>= 3.0)
      FSharp.Core (>= 4.6.2)
    Fable.Extras (0.4.2)
      Fable.Browser.MediaQueryList (>= 1.1.1 < 2.0)
      Fable.Browser.Navigator (>= 1.1 < 2.0)
      Fable.Browser.Url (>= 1.0 < 2.0)
      Fable.Core (>= 3.2.4 < 4.0)
      Fable.Fetch (>= 2.2 < 3.0)
      Fable.Promise (>= 2.1 < 3.0)
      Fable.SimpleHttp (>= 3.0 < 4.0)
      FSharp.Core (>= 4.7.2)
    Fable.Fetch (2.4)
      Fable.Browser.Blob (>= 1.1.4)
      Fable.Core (>= 3.1.5)
      Fable.Promise (>= 2.2.2)
      FSharp.Core (>= 4.7.2)
    Fable.Jester (0.33)
      Fable.Browser.Dom (>= 2.4.4 < 3.0)
      Fable.Core (>= 3.2.8 < 4.0)
      Fable.Node (>= 1.0.2 < 2.0)
      Fable.Promise (>= 2.2.2 < 3.0)
      Feliz (>= 1.47 < 2.0)
      FSharp.Core (>= 4.7.2)
    Fable.Node (1.2)
      Fable.Core (>= 3.1.2)
      FSharp.Core (>= 5.0)
    Fable.Parsimmon (4.1)
      Fable.Core (>= 3.0)
      FSharp.Core (>= 4.6.2)
    Fable.Promise (2.2.2)
      Fable.Core (>= 3.1.5)
      FSharp.Core (>= 4.7.2)
    Fable.React (7.4.2)
      Fable.Browser.Dom (>= 2.4.4)
      Fable.Core (>= 3.2.7)
      FSharp.Core (>= 4.7.2)
    Fable.ReactTestingLibrary (0.33)
      Fable.Browser.Event (>= 1.4.5 < 2.0)
      Fable.Core (>= 3.2.8 < 4.0)
      Fable.Promise (>= 2.2.2 < 3.0)
      Feliz (>= 1.47 < 2.0)
      FSharp.Core (>= 4.7.2)
    Fable.Remoting.Json (2.19)
      FSharp.Core (>= 4.7.2)
      Newtonsoft.Json (>= 12.0.2)
    Fable.Remoting.MsgPack (1.13)
      FSharp.Core (>= 4.7.2)
    Fable.SignalR (0.11.5)
      Fable.Core (>= 3.2.8 < 4.0)
      Fable.Promise (>= 2.2.2 < 3.0)
      Fable.Remoting.MsgPack (>= 1.13 < 2.0)
      Fable.SimpleJson (>= 3.21 < 4.0)
      FSharp.Core (>= 4.7.2)
    Fable.SignalR.AspNetCore (0.11.5)
      Fable.Remoting.Json (>= 2.0 < 3.0)
      Fable.Remoting.MsgPack (>= 1.0 < 2.0)
      FSharp.Core (>= 5.0)
      Microsoft.AspNetCore.SignalR.Protocols.NewtonsoftJson (>= 5.0 < 6.0)
      Microsoft.IO.RecyclableMemoryStream (>= 2.1.2 < 3.0)
      System.Text.Encodings.Web (>= 5.0 < 6.0)
      TaskBuilder.fs (>= 2.0 < 3.0)
    Fable.SignalR.Saturn (0.11.5)
      Fable.Remoting.Json (>= 2.0 < 3.0)
      Fable.SignalR.AspNetCore (>= 0.11.5)
      FSharp.Core (>= 5.0)
      Microsoft.AspNetCore.Authentication.JwtBearer (>= 5.0 < 6.0)
      Microsoft.AspNetCore.SignalR.Protocols.NewtonsoftJson (>= 5.0 < 6.0)
      Saturn
    Fable.SimpleHttp (3.0)
      Fable.Browser.Dom (>= 1.0)
      Fable.Browser.XMLHttpRequest (>= 1.1)
      Fable.Core (>= 3.0)
      FSharp.Core (>= 4.6.2)
    Fable.SimpleJson (3.21)
      Fable.Core (>= 3.1.5)
      Fable.Parsimmon (>= 4.0)
      FSharp.Core (>= 4.7)
    Farmer (1.6.17)
      FSharp.Core (>= 5.0)
    Feliz (1.53)
      Fable.Core (>= 3.1.5)
      Fable.React (>= 7.4)
      Feliz.CompilerPlugins (>= 1.6)
      FSharp.Core (>= 4.7.2)
    Feliz.CompilerPlugins (1.6)
      Fable.AST (>= 3.0)
      FSharp.Core (>= 4.7.2)
    Feliz.Router (3.8)
      Fable.Core (>= 3.1.6)
      Fable.Elmish (>= 3.1)
      Feliz (>= 1.28)
      Feliz.UseListener (>= 0.6.3)
      FSharp.Core (>= 4.7.2)
    Feliz.UseListener (0.6.3)
      Fable.Core (>= 3.1.6 < 4.0)
      Feliz (>= 1.17 < 2.0)
      FSharp.Core (>= 4.7.2)
    FSharp.Control.AsyncSeq (3.2)
      FSharp.Core (>= 4.7.2)
      Microsoft.Bcl.AsyncInterfaces (>= 5.0)
    FSharp.Control.Websockets (0.2.2)
      FSharp.Core (>= 4.3.4)
      Microsoft.IO.RecyclableMemoryStream (>= 1.2.2)
    FSharp.Core (5.0.2)
    Giraffe (5.0)
      FSharp.Core (>= 5.0)
      Giraffe.ViewEngine (>= 1.3)
      Microsoft.IO.RecyclableMemoryStream (>= 1.3.6)
      Newtonsoft.Json (>= 12.0.3)
      Ply (>= 0.3.1)
      System.Text.Json (>= 5.0.2)
      Utf8Json (>= 1.3.7)
    Giraffe.SerilogExtensions (2.0)
      Fable.Remoting.Json (>= 2.17)
      FSharp.Core (>= 5.0.2)
      Giraffe (>= 5.0)
      Microsoft.AspNetCore.Http (>= 2.2.2)
      Serilog (>= 2.10)
    Giraffe.ViewEngine (1.4)
      FSharp.Core (>= 5.0)
    Glob (1.1.8)
    Grpc (2.41)
      Grpc.Core (>= 2.41)
    Grpc.Core (2.41)
      Grpc.Core.Api (>= 2.41)
      System.Memory (>= 4.5.3)
    Grpc.Core.Api (2.41)
      System.Memory (>= 4.5.3)
    Microsoft.AspNetCore.Authentication.JwtBearer (5.0.10)
      Microsoft.IdentityModel.Protocols.OpenIdConnect (>= 6.7.1)
    Microsoft.AspNetCore.Connections.Abstractions (5.0.10)
      Microsoft.AspNetCore.Http.Features (>= 5.0.10)
    Microsoft.AspNetCore.Http (2.2.2)
      Microsoft.AspNetCore.Http.Abstractions (>= 2.2)
      Microsoft.AspNetCore.WebUtilities (>= 2.2)
      Microsoft.Extensions.ObjectPool (>= 2.2)
      Microsoft.Extensions.Options (>= 2.2)
      Microsoft.Net.Http.Headers (>= 2.2)
    Microsoft.AspNetCore.Http.Abstractions (2.2)
      Microsoft.AspNetCore.Http.Features (>= 2.2)
      System.Text.Encodings.Web (>= 4.5)
    Microsoft.AspNetCore.Http.Features (5.0.10)
      Microsoft.Extensions.Primitives (>= 5.0.1)
      System.IO.Pipelines (>= 5.0.1)
    Microsoft.AspNetCore.SignalR.Common (5.0.10)
      Microsoft.AspNetCore.Connections.Abstractions (>= 5.0.10)
      Microsoft.Extensions.Options (>= 5.0)
    Microsoft.AspNetCore.SignalR.Protocols.NewtonsoftJson (5.0.10)
      Microsoft.AspNetCore.SignalR.Common (>= 5.0.10)
      Newtonsoft.Json (>= 12.0.2)
    Microsoft.AspNetCore.WebUtilities (2.2)
      Microsoft.Net.Http.Headers (>= 2.2)
      System.Text.Encodings.Web (>= 4.5)
    Microsoft.Bcl.AsyncInterfaces (5.0)
    Microsoft.CSharp (4.7)
    Microsoft.Extensions.DependencyInjection (5.0.2)
      Microsoft.Extensions.DependencyInjection.Abstractions (>= 5.0)
    Microsoft.Extensions.DependencyInjection.Abstractions (5.0)
    Microsoft.Extensions.Logging (5.0)
      Microsoft.Extensions.DependencyInjection (>= 5.0)
      Microsoft.Extensions.DependencyInjection.Abstractions (>= 5.0)
      Microsoft.Extensions.Logging.Abstractions (>= 5.0)
      Microsoft.Extensions.Options (>= 5.0)
    Microsoft.Extensions.Logging.Abstractions (5.0)
    Microsoft.Extensions.ObjectPool (5.0.10)
    Microsoft.Extensions.Options (5.0)
      Microsoft.Extensions.DependencyInjection.Abstractions (>= 5.0)
      Microsoft.Extensions.Primitives (>= 5.0)
    Microsoft.Extensions.Primitives (5.0.1)
    Microsoft.IdentityModel.JsonWebTokens (6.13.1)
      Microsoft.IdentityModel.Tokens (>= 6.13.1)
    Microsoft.IdentityModel.Logging (6.13.1)
    Microsoft.IdentityModel.Protocols (6.13.1)
      Microsoft.IdentityModel.Logging (>= 6.13.1)
      Microsoft.IdentityModel.Tokens (>= 6.13.1)
    Microsoft.IdentityModel.Protocols.OpenIdConnect (6.13.1)
      Microsoft.IdentityModel.Protocols (>= 6.13.1)
      System.IdentityModel.Tokens.Jwt (>= 6.13.1)
    Microsoft.IdentityModel.Tokens (6.13.1)
      Microsoft.CSharp (>= 4.5)
      Microsoft.IdentityModel.Logging (>= 6.13.1)
      System.Security.Cryptography.Cng (>= 4.5)
    Microsoft.IO.RecyclableMemoryStream (2.2)
    Microsoft.Net.Http.Headers (2.2.8)
      Microsoft.Extensions.Primitives (>= 2.2)
      System.Buffers (>= 4.5)
    Microsoft.NETCore.Platforms (5.0.3)
    Microsoft.Win32.SystemEvents (5.0)
      Microsoft.NETCore.Platforms (>= 5.0)
    NETStandard.Library (2.0.3)
      Microsoft.NETCore.Platforms (>= 1.1)
    Newtonsoft.Json (13.0.1)
    OneOf (3.0.201)
      NETStandard.Library (>= 1.6.1)
    Ply (0.3.1)
      FSharp.Core (>= 4.6.2)
      System.Threading.Tasks.Extensions (>= 4.5.4)
    Pulumi (3.14)
      Ben.Demystifier (>= 0.4.1)
      Grpc (>= 2.37)
      Microsoft.Extensions.Logging.Abstractions (>= 3.1.16)
      OneOf (>= 2.1.151)
      Pulumi.Protobuf (>= 3.13)
      Semver (>= 2.0.6)
      Serilog.Extensions.Logging (>= 3.0.1)
      Serilog.Sinks.Console (>= 3.1.1)
    Pulumi.FSharp (3.14)
      FSharp.Core (>= 4.7.2)
      Pulumi (>= 3.14)
    Pulumi.FSharp.Kubernetes (3.6.0.3)
      FSharp.Core (>= 5.0.2)
      Pulumi.FSharp (>= 3.10.2)
      Pulumi.Kubernetes (>= 3.6)
    Pulumi.Kubernetes (3.8)
      Glob (>= 1.1.5)
      Pulumi (>= 3.14)
    Pulumi.Protobuf (3.13)
      System.Memory (>= 4.5.2)
      System.Runtime.CompilerServices.Unsafe (>= 4.5.2)
    Saturn (0.15)
      FSharp.Control.Websockets (>= 0.2.2)
      FSharp.Core (>= 5.0.1)
      Giraffe (>= 5.0)
      Microsoft.AspNetCore.Authentication.JwtBearer (>= 5.0.7)
    Semver (2.0.6)
      NETStandard.Library (>= 1.6.1)
    Serilog (2.10)
    Serilog.Extensions.Logging (3.0.1)
      Microsoft.Extensions.Logging (>= 2.0)
      Serilog (>= 2.8)
    Serilog.Sinks.Console (4.0)
      Serilog (>= 2.10)
    Serilog.Sinks.SpectreConsole (0.1.1)
      FSharp.Core (>= 5.0)
      Serilog (>= 2.10)
      Spectre.Console (>= 0.38)
    Spectre.Console (0.42)
      Wcwidth (>= 0.2)
    System.Buffers (4.5.1)
    System.Configuration.ConfigurationManager (5.0)
      System.Security.Cryptography.ProtectedData (>= 5.0)
      System.Security.Permissions (>= 5.0)
    System.Drawing.Common (5.0.2)
      Microsoft.Win32.SystemEvents (>= 5.0)
    System.Formats.Asn1 (5.0)
    System.IdentityModel.Tokens.Jwt (6.13.1)
      Microsoft.IdentityModel.JsonWebTokens (>= 6.13.1)
      Microsoft.IdentityModel.Tokens (>= 6.13.1)
    System.IO.Pipelines (5.0.1)
    System.Memory (4.5.4)
    System.Reactive (5.0)
    System.Reactive.Linq (5.0)
      System.Reactive (>= 5.0)
      System.Threading.Tasks.Extensions (>= 4.5.4)
    System.Reflection.Emit (4.7)
    System.Reflection.Emit.Lightweight (4.7)
    System.Reflection.Metadata (5.0)
    System.Runtime.CompilerServices.Unsafe (5.0)
    System.Security.AccessControl (5.0)
      Microsoft.NETCore.Platforms (>= 5.0)
      System.Security.Principal.Windows (>= 5.0)
    System.Security.Cryptography.Cng (5.0)
      System.Formats.Asn1 (>= 5.0)
    System.Security.Cryptography.ProtectedData (5.0)
    System.Security.Permissions (5.0)
      System.Security.AccessControl (>= 5.0)
      System.Windows.Extensions (>= 5.0)
    System.Security.Principal.Windows (5.0)
    System.Text.Encodings.Web (5.0.1)
    System.Text.Json (5.0.2)
    System.Threading.Tasks.Extensions (4.5.4)
    System.ValueTuple (4.5)
    System.Windows.Extensions (5.0)
      System.Drawing.Common (>= 5.0)
    TaskBuilder.fs (2.1)
      FSharp.Core (>= 4.1.17)
      NETStandard.Library (>= 1.6.1)
      System.ValueTuple (>= 4.4)
    Thoth.Json (6.0)
      Fable.Core (>= 3.1.6)
      FSharp.Core (>= 4.7.2)
    Utf8Json (1.3.7)
      System.Reflection.Emit (>= 4.3)
      System.Reflection.Emit.Lightweight (>= 4.3)
      System.Threading.Tasks.Extensions (>= 4.4)
      System.ValueTuple (>= 4.4)
    Wcwidth (0.5)
  remote: https://nuget.pkg.github.com/fc1943s/index.json
    FsBeacon.Shared (0.0.1-alpha.2)
      FSharp.Core (>= 5.0 < 6.0)
    FsClr (0.0.1-alpha.4)
      Argu (>= 6.1 < 7.0)
      FsCore (>= 0.0.0-prerelease < 1.0.0-prerelease)
      FSharp.Control.AsyncSeq (>= 3.0 < 4.0)
      FSharp.Core (>= 5.0 < 6.0)
      Serilog.Sinks.Console (>= 4.0 < 5.0)
      Serilog.Sinks.SpectreConsole (>= 0.1 < 1.0)
      System.Reactive.Linq (>= 5.0 < 6.0)
      TaskBuilder.fs (>= 2.1 < 3.0)
    FsCore (0.0.1-alpha.12)
      FSharp.Core (>= 5.0 < 6.0)
    FsJs (0.0.1-alpha.52)
      Fable.DateFunctions (>= 3.6 < 4.0)
      Fable.Extras (>= 0.4 < 1.0)
      Fable.Jester (>= 0.33 < 1.0)
      Fable.ReactTestingLibrary (>= 0.33 < 1.0)
      FsCore (>= 0.0.0-prerelease < 1.0.0-prerelease)
      FSharp.Core (>= 5.0 < 6.0)
      Thoth.Json (>= 6.0 < 7.0)
    FsStore (0.2.0-alpha.67)
      Fable.SignalR (>= 0.11 < 1.0)
      FsBeacon.Shared (>= 0.0.0-prerelease < 1.0.0-prerelease)
      FsCore (>= 0.0.0-prerelease < 1.0.0-prerelease)
      FSharp.Core (>= 5.0 < 6.0)
      FsJs (>= 0.0.0-prerelease < 1.0.0-prerelease)
    FsUi (0.0.1-alpha.23)
      Feliz.Router (>= 3.8 < 4.0)
      FsCore (>= 0.0.0-prerelease < 1.0.0-prerelease)
      FSharp.Core (>= 5.0 < 6.0)
      FsJs (>= 0.0.0-prerelease < 1.0.0-prerelease)
      FsStore (>= 0.2.0-prerelease < 1.0.0-prerelease)
